GEM
  remote: http://rubygems.org/
  specs:
    activesupport (4.2.5)
      i18n (~> 0.7)
      json (~> 1.7, >= 1.7.7)
      minitest (~> 5.1)
      thread_safe (~> 0.3, >= 0.3.4)
      tzinfo (~> 1.1)
    api_smith (1.2.0)
      hashie (~> 1.0)
      httparty
      net-http-persistent
    config_for (0.2.1)
      activesupport (>= 3.0)
    god (0.13.7)
    hashie (1.2.0)
    hiredis (0.6.1)
    httparty (0.13.7)
      json (~> 1.8)
      multi_xml (>= 0.5.2)
    i18n (0.7.0)
    json (1.8.3)
    log4r (1.1.10)
    minitest (5.8.3)
    mono_logger (1.1.0)
    multi_json (1.11.2)
    multi_xml (0.5.5)
    net-http-persistent (2.9.4)
    rack (1.6.4)
    rack-protection (1.5.3)
      rack
    rake (10.4.2)
    redis (3.0.4)
    redis-namespace (1.5.2)
      redis (~> 3.0, >= 3.0.4)
    resque (1.24.1)
      mono_logger (~> 1.0)
      multi_json (~> 1.0)
      redis-namespace (~> 1.2)
      sinatra (>= 0.9.2)
      vegas (~> 0.1.2)
    sinatra (1.4.6)
      rack (~> 1.4)
      rack-protection (~> 1.4)
      tilt (>= 1.3, < 3)
    thread_safe (0.3.5)
    tilt (2.0.2)
    tzinfo (1.2.2)
      thread_safe (~> 0.1)
    vegas (0.1.11)
      rack (>= 1.0.0)

PLATFORMS
  ruby

DEPENDENCIES
  api_smith (= 1.2.0)
  config_for
  god
  hiredis
  log4r (= 1.1.10)
  rake
  redis (= 3.0.4)
  resque (= 1.24.1)

BUNDLED WITH
   1.11.2
